GEM
  remote: https://rubygems.org/
  specs:
    ini (0.1.1)

PLATFORMS
  ruby

DEPENDENCIES
  ini

BUNDLED WITH
   1.16.1
